GEM
  remote: http://rubygems.org/
  specs:
    gemcutter (0.7.1)
    git (1.3.0)
    jeweler (1.4.0)
      gemcutter (>= 0.1.0)
      git (>= 1.2.5)
      rubyforge (>= 2.0.0)
    json_pure (2.1.0)
    mini_portile2 (2.3.0)
    nokogiri (1.8.2)
      mini_portile2 (~> 2.3.0)
    rack (2.0.4)
    rake (0.8.7)
    rspec (1.3.1)
    rspec-rails (1.3.3)
      rack (>= 1.0.0)
      rspec (= 1.3.1)
    rubyforge (2.0.4)
      json_pure (>= 1.1.7)

PLATFORMS
  ruby

DEPENDENCIES
  bundler (>= 1.0)
  jeweler (= 1.4.0)
  nokogiri (>= 1.4)
  rake (= 0.8.7)
  rspec (= 1.3.1)
  rspec-rails (= 1.3.3)

BUNDLED WITH
   1.13.6
